GEM
  remote: https://rubygems.org/
  specs:
    artifactory (2.5.0)
    faraday (0.9.2)
      multipart-post (>= 1.2, < 3)
    highline (1.7.8)
    kitchen-ansible (0.0.39)
      librarian-ansible
      test-kitchen (~> 1.4)
    kitchen-vagrant (0.20.0)
      test-kitchen (~> 1.4)
    librarian (0.1.2)
      highline
      thor (~> 0.15)
    librarian-ansible (3.0.2)
      faraday
      librarian (~> 0.1.0)
    mixlib-install (2.1.5)
      artifactory
      mixlib-shellout
      mixlib-versioning
      thor
    mixlib-shellout (2.2.7)
    mixlib-versioning (1.1.0)
    multipart-post (2.0.0)
    net-scp (1.2.1)
      net-ssh (>= 2.6.5)
    net-ssh (3.2.0)
    net-ssh-gateway (1.2.0)
      net-ssh (>= 2.6.5)
    safe_yaml (1.0.4)
    test-kitchen (1.13.2)
      mixlib-install (>= 1.2, < 3.0)
      mixlib-shellout (>= 1.2, < 3.0)
      net-scp (~> 1.1)
      net-ssh (>= 2.9, < 4.0)
      net-ssh-gateway (~> 1.2.0)
      safe_yaml (~> 1.0)
      thor (~> 0.18)
    thor (0.19.1)

PLATFORMS
  ruby

DEPENDENCIES
  kitchen-ansible (~> 0.0.17)
  kitchen-vagrant
  test-kitchen

BUNDLED WITH
   1.13.6
